PATH
  remote: .
  specs:
    example (0.1.0)
      i18n (~> 1.14)
      rake (~> 13)

GEM
  remote: https://rubygems.org/
  specs:
    ast (2.4.2)
    concurrent-ruby (1.2.2)
    debug (1.6.3)
      irb (>= 1.3.6)
      reline (>= 0.3.1)
    diff-lcs (1.5.0)
    i18n (1.14.1)
      concurrent-ruby (~> 1.0)
    io-console (0.5.11)
    io-console (0.5.11-java)
    irb (1.5.0)
      reline (>= 0.3.0)
    jar-dependencies (0.4.1)
    json (2.7.2)
    json (2.7.2-java)
    language_server-protocol (3.17.0.3)
    parallel (1.24.0)
    parser (3.3.2.0)
      ast (~> 2.4.1)
      racc
    psych (5.1.2)
      stringio
    psych (5.1.2-java)
      jar-dependencies (>= 0.1.7)
    racc (1.8.0)
    racc (1.8.0-java)
    rainbow (3.1.1)
    rake (13.1.0)
    regexp_parser (2.9.2)
    reline (0.3.1)
      io-console (~> 0.5)
    rexml (3.2.8)
      strscan (>= 3.0.9)
    rspec (3.11.0)
      rspec-core (~> 3.11.0)
      rspec-expectations (~> 3.11.0)
      rspec-mocks (~> 3.11.0)
    rspec-core (3.11.0)
      rspec-support (~> 3.11.0)
    rspec-expectations (3.11.1)
      diff-lcs (>= 1.2.0, < 2.0)
      rspec-support (~> 3.11.0)
    rspec-mocks (3.11.1)
      diff-lcs (>= 1.2.0, < 2.0)
      rspec-support (~> 3.11.0)
    rspec-support (3.11.1)
    rubocop (1.64.1)
      json (~> 2.3)
      language_server-protocol (>= 3.17.0)
      parallel (~> 1.10)
      parser (>= 3.3.0.2)
      rainbow (>= 2.2.2, < 4.0)
      regexp_parser (>= 1.8, < 3.0)
      rexml (>= 3.2.5, < 4.0)
      rubocop-ast (>= 1.31.1, < 2.0)
      ruby-progressbar (~> 1.7)
      unicode-display_width (>= 2.4.0, < 3.0)
    rubocop-ast (1.31.3)
      parser (>= 3.3.1.0)
    ruby-progressbar (1.13.0)
    stringio (3.1.0)
    strscan (3.1.0)
    strscan (3.1.0-java)
    unicode-display_width (2.5.0)

PLATFORMS
  arm64-darwin-23
  arm64-darwin-24
  java
  ruby
  universal-java-1.8
  universal-java-11
  universal-java-17
  universal-java-18
  universal-java-21
  x64-mingw32

DEPENDENCIES
  debug (>= 1.0.0)
  example!
  psych (~> 5.1)
  rspec (~> 3.0)
  rubocop (~> 1.64)

BUNDLED WITH
   2.3.3
