PATH
  remote: .
  specs:
    native_ext (0.1.0)

GEM
  remote: https://rubygems.org/
  specs:
    rake (13.2.1)
    rake-compiler (1.2.9)
      rake

PLATFORMS
  arm64-darwin-23
  ruby

DEPENDENCIES
  native_ext!
  rake (~> 13.0)
  rake-compiler

BUNDLED WITH
   2.5.9
